GEM
  remote: https://rubygems.org/
  specs:
    CFPropertyList (2.2.8)
    diff-lcs (1.2.5)
    facter (2.4.6)
      CFPropertyList (~> 2.2.6)
    hiera (1.3.4)
      json_pure
    json_pure (1.8.3)
    metaclass (0.0.4)
    mocha (0.10.5)
      metaclass (~> 0.0.1)
    puppet (3.8.6)
      facter (> 1.6, < 3)
      hiera (~> 1.0)
      json_pure
    puppet-lint (1.1.0)
    puppet-lint-unquoted_string-check (0.2.5)
      puppet-lint (~> 1.0)
    puppet-syntax (2.1.0)
      rake
    puppetlabs_spec_helper (1.1.1)
      mocha
      puppet-lint
      puppet-syntax
      rake
      rspec-puppet
    rake (11.1.0)
    rspec (3.1.0)
      rspec-core (~> 3.1.0)
      rspec-expectations (~> 3.1.0)
      rspec-mocks (~> 3.1.0)
    rspec-core (3.1.7)
      rspec-support (~> 3.1.0)
    rspec-expectations (3.1.2)
      diff-lcs (>= 1.2.0, < 2.0)
      rspec-support (~> 3.1.0)
    rspec-mocks (3.1.3)
      rspec-support (~> 3.1.0)
    rspec-puppet (2.3.2)
      rspec
    rspec-support (3.1.2)

PLATFORMS
  ruby

DEPENDENCIES
  mocha (~> 0.10.5)
  puppet
  puppet-lint (>= 1.0.0)
  puppet-lint-unquoted_string-check
  puppetlabs_spec_helper
  rake
  rspec (~> 3.1.0)

BUNDLED WITH
   1.11.2
